PATH
  remote: .
  specs:
    indolib_rails (1.0.1)

GEM
  remote: https://rubygems.org/
  specs:

PLATFORMS
  x86_64-linux

DEPENDENCIES
  indolib_rails!

BUNDLED WITH
   2.3.23
